PATH
  remote: .
  specs:
    data_library (0.2.0)
      data_error (~> 3)
      data_impl (~> 0)
      data_int (~> 0)

GEM
  remote: https://rubygems.org/
  specs:
    data_error (3.0.0)
      data_error_impl (~> 3)
      data_error_int (~> 3)
    data_error_impl (3.0.0)
    data_error_int (3.0.0)
    data_impl (0.2.0)
    data_int (0.2.0)
    docile (1.3.2)
    minitest (5.14.0)
    rake (13.0.1)
    simplecov (0.18.5)
      docile (~> 1.1)
      simplecov-html (~> 0.11)
    simplecov-html (0.12.2)

PLATFORMS
  ruby

DEPENDENCIES
  bundler (~> 2.1)
  data_library!
  minitest (~> 5.0)
  rake (~> 13.0)
  simplecov (~> 0)

BUNDLED WITH
   2.1.2
